GEM
  remote: http://rubygems.org/
  specs:
    active_file (0.0.1)
    brnumeros (3.3.0)
    rake (10.4.2)

PLATFORMS
  ruby

DEPENDENCIES
  active_file (= 0.0.1)
  brnumeros (= 3.3.0)
  rake

BUNDLED WITH
   1.10.6
