GEM
  remote: http://rubygems.org/
  specs:
    active_file (0.0.1)
    brnumeros (3.3.0)

PLATFORMS
  ruby

DEPENDENCIES
  active_file (= 0.0.1)
  brnumeros (= 3.3.0)

BUNDLED WITH
   1.10.6
